GEM
  remote: https://rubygems.org/
  specs:
    addressable (2.7.0)
      public_suffix (>= 2.0.2, < 5.0)
    buftok (0.2.0)
    concurrent-ruby (1.1.6)
    domain_name (0.5.20190701)
      unf (>= 0.0.5, < 1.0.0)
    elephrame (0.5.2)
      htmlentities (~> 4.0)
      moo_ebooks (~> 1)
      moostodon (~> 0.4.0)
      rufus-scheduler
      tracery (~> 0.7)
    et-orbi (1.2.4)
      tzinfo
    fugit (1.3.4)
      et-orbi (~> 1.1, >= 1.1.8)
      raabro (~> 1.1)
    highscore (1.2.1)
      whatlanguage (>= 1.0.0)
    htmlentities (4.3.4)
    http (3.3.0)
      addressable (~> 2.3)
      http-cookie (~> 1.0)
      http-form_data (~> 2.0)
      http_parser.rb (~> 0.6.0)
    http-cookie (1.0.3)
      domain_name (~> 0.5)
    http-form_data (2.3.0)
    http_parser.rb (0.6.0)
    httpclient (2.8.3)
    mini_portile2 (2.4.0)
    moo_ebooks (1.1.0)
      highscore (~> 1.2)
      htmlentities (~> 4.3)
    moostodon (0.4.0)
      addressable (~> 2.5)
      buftok (~> 0)
      http (~> 3.0)
      oj (~> 3.3)
    nokogiri (1.10.9)
      mini_portile2 (~> 2.4.0)
    oj (3.10.6)
    public_suffix (4.0.4)
    raabro (1.1.6)
    rufus-scheduler (3.6.0)
      fugit (~> 1.1, >= 1.1.6)
    tracery (0.7.7)
    tzinfo (2.0.2)
      concurrent-ruby (~> 1.0)
    unf (0.1.4)
      unf_ext
    unf_ext (0.0.7.7)
    whatlanguage (1.0.6)

PLATFORMS
  ruby

DEPENDENCIES
  elephrame
  httpclient
  nokogiri

BUNDLED WITH
   2.1.4
